GEM
  specs:
    concurrent-ruby (1.1.10)
    faker (2.16.0)
      i18n (>= 1.6, < 2)
    i18n (1.8.8)
      concurrent-ruby (~> 1.0)

PLATFORMS
  ruby

DEPENDENCIES
  faker

BUNDLED WITH
   2.1.4
